GIT
  remote: https://github.com/mbj/mutant.git
  revision: 027b3d8f7508fe4e460ed999dd91f2ac3edd136b
  specs:
    mutant (0.9.0)
      abstract_type (~> 0.0.7)
      adamantium (~> 0.2.0)
      anima (~> 0.3.1)
      ast (~> 2.2)
      concord (~> 0.1.5)
      diff-lcs (~> 1.3)
      equalizer (~> 0.0.9)
      ice_nine (~> 0.11.1)
      memoizable (~> 0.4.2)
      mutant-license (~> 0.1.0)
      procto (~> 0.0.2)
      unparser (~> 0.4.5)
    mutant-minitest (0.9.0)
      minitest (~> 5.11)
      mutant (~> 0.9.0)

PATH
  remote: .
  specs:
    simple_parameter_store (0.2.1)
      aws-sdk-ssm

GEM
  remote: https://rubygems.org/
  remote: https://oss:6MzqeHoxySwKpgklFubwKEE80auW03cr@gem.mutant.dev/
  specs:
    abstract_type (0.0.7)
    adamantium (0.2.0)
      ice_nine (~> 0.11.0)
      memoizable (~> 0.4.0)
    anima (0.3.1)
      abstract_type (~> 0.0.7)
      adamantium (~> 0.2)
      equalizer (~> 0.0.11)
    ast (2.4.0)
    aws-eventstream (1.0.3)
    aws-partitions (1.220.0)
    aws-sdk-core (3.68.0)
      aws-eventstream (~> 1.0, >= 1.0.2)
      aws-partitions (~> 1.0)
      aws-sigv4 (~> 1.1)
      jmespath (~> 1.0)
    aws-sdk-ssm (1.56.0)
      aws-sdk-core (~> 3, >= 3.61.1)
      aws-sigv4 (~> 1.1)
    aws-sigv4 (1.1.0)
      aws-eventstream (~> 1.0, >= 1.0.2)
    concord (0.1.5)
      adamantium (~> 0.2.0)
      equalizer (~> 0.0.9)
    diff-lcs (1.3)
    equalizer (0.0.11)
    ice_nine (0.11.2)
    jaro_winkler (1.5.3)
    jmespath (1.4.0)
    memoizable (0.4.2)
      thread_safe (~> 0.3, >= 0.3.1)
    minitest (5.12.2)
    mutant-license (0.1.0)
    parallel (1.17.0)
    parser (2.6.3.0)
      ast (~> 2.4.0)
    procto (0.0.3)
    rainbow (3.0.0)
    rake (10.5.0)
    rubocop (0.75.0)
      jaro_winkler (~> 1.5.1)
      parallel (~> 1.10)
      parser (>= 2.6)
      rainbow (>= 2.2.2, < 4.0)
      ruby-progressbar (~> 1.7)
      unicode-display_width (>= 1.4.0, < 1.7)
    rubocop-performance (1.4.1)
      rubocop (>= 0.71.0)
    ruby-progressbar (1.10.1)
    thread_safe (0.3.6)
    unicode-display_width (1.6.0)
    unparser (0.4.5)
      abstract_type (~> 0.0.7)
      adamantium (~> 0.2.0)
      concord (~> 0.1.5)
      diff-lcs (~> 1.3)
      equalizer (~> 0.0.9)
      parser (~> 2.6.3)
      procto (~> 0.0.2)

PLATFORMS
  ruby

DEPENDENCIES
  bundler (~> 2.0)
  minitest (~> 5.0)
  mutant!
  mutant-license!
  mutant-minitest
  parser (= 2.6.3)
  rake (~> 10.0)
  rubocop
  rubocop-performance
  simple_parameter_store!

BUNDLED WITH
   2.0.2
